GIT
  remote: git://github.com/davidkus/triviacrack.git
  revision: 0d4c92a154dde03a8a915280b984498a2e85c7a1
  specs:
    triviacrack (0.0.4)
      unirest (~> 1.1.2)

GEM
  remote: https://rubygems.org/
  specs:
    addressable (2.3.8)
    byebug (3.5.1)
      columnize (~> 0.8)
      debugger-linecache (~> 1.2)
      slop (~> 3.6)
    codeclimate-test-reporter (0.4.8)
      simplecov (>= 0.7.1, < 1.0.0)
    columnize (0.9.0)
    debugger-linecache (1.2.0)
    diff-lcs (1.3)
    docile (1.1.5)
    fuubar (2.0.0)
      rspec (~> 3.0)
      ruby-progressbar (~> 1.4)
    highline (1.7.10)
    json (1.8.6)
    mime-types (1.25.1)
    rake (10.5.0)
    rest-client (1.6.9)
      mime-types (~> 1.16)
    rspec (3.2.0)
      rspec-core (~> 3.2.0)
      rspec-expectations (~> 3.2.0)
      rspec-mocks (~> 3.2.0)
    rspec-core (3.2.3)
      rspec-support (~> 3.2.0)
    rspec-expectations (3.2.1)
      diff-lcs (>= 1.2.0, < 2.0)
      rspec-support (~> 3.2.0)
    rspec-its (1.2.0)
      rspec-core (>= 3.0.0)
      rspec-expectations (>= 3.0.0)
    rspec-mocks (3.2.1)
      diff-lcs (>= 1.2.0, < 2.0)
      rspec-support (~> 3.2.0)
    rspec-support (3.2.2)
    ruby-progressbar (1.9.0)
    simplecov (0.15.1)
      docile (~> 1.1.0)
      json (>= 1.8, < 3)
      simplecov-html (~> 0.10.0)
    simplecov-html (0.10.2)
    slop (3.6.0)
    thor (0.19.4)
    unirest (1.1.2)
      addressable (~> 2.3.5)
      json (~> 1.8.1)
      rest-client (~> 1.6.7)

PLATFORMS
  ruby

DEPENDENCIES
  bundler (~> 1.7)
  byebug (~> 3.5.1)
  codeclimate-test-reporter (~> 0.4.7)
  fuubar (~> 2.0.0)
  highline (~> 1.7.0)
  rake (~> 10.0)
  rspec (~> 3.2.0)
  rspec-its (~> 1.2.0)
  simplecov (~> 0.15.1)
  thor (~> 0.19.1)
  triviacrack!

BUNDLED WITH
   1.16.1
